GEM
  remote: http://rubygems.org/
  specs:
    builder (3.0.0)
    hpricot (0.8.6)
    rack (1.4.1)
    rack-no-www (0.0.2)
    rdiscount (1.6.8)
    rubypants (0.2.0)
    toto (0.4.9)
      builder
      rack
      rdiscount
    typogruby (1.0.15)
      rubypants

PLATFORMS
  ruby

DEPENDENCIES
  builder
  hpricot
  rack-no-www
  rdiscount
  toto
  typogruby
