PATH
  remote: vendor/toto
  specs:
    toto (0.4.9)
      builder
      rack
      rdiscount

GEM
  remote: http://rubygems.org/
  specs:
    builder (3.2.2)
    hpricot (0.8.6)
    mini_portile (0.5.2)
    nokogiri (1.6.1)
      mini_portile (~> 0.5.0)
    puma (2.11.2)
      rack (>= 1.1, < 2.0)
    rack (1.5.2)
    rack-no-www (0.0.2)
    rack-pjax (0.7.0)
      nokogiri (~> 1.5)
      rack (~> 1.3)
    rdiscount (2.1.7)
    rubypants (0.2.0)
    typogruby (1.0.16)
      rubypants

PLATFORMS
  ruby

DEPENDENCIES
  builder
  hpricot
  puma
  rack-no-www
  rack-pjax
  rdiscount (~> 2.1.7)
  toto (= 0.4.9)!
  typogruby

RUBY VERSION
   ruby 1.9.3p551

BUNDLED WITH
   1.14.4
