GEM
  remote: http://rubygems.org/
  specs:
    builder (3.0.0)
    hpricot (0.8.6)
    mini_portile (0.5.1)
    nokogiri (1.6.0)
      mini_portile (~> 0.5.0)
    rack (1.4.1)
    rack-no-www (0.0.2)
    rack-pjax (0.7.0)
      nokogiri (~> 1.5)
      rack (~> 1.3)
    rdiscount (2.1.7)
    rubypants (0.2.0)
    toto (0.4.9)
      builder
      rack
      rdiscount
    typogruby (1.0.15)
      rubypants

PLATFORMS
  ruby

DEPENDENCIES
  builder
  hpricot
  rack-no-www
  rack-pjax
  rdiscount (~> 2.1.7)
  toto
  typogruby
