PATH
  remote: vendor/toto
  specs:
    toto (0.4.9)
      builder
      rack
      rdiscount

GEM
  remote: http://rubygems.org/
  specs:
    builder (3.2.2)
    hpricot (0.8.6)
    kgio (2.8.1)
    mini_portile (0.5.2)
    nokogiri (1.6.1)
      mini_portile (~> 0.5.0)
    rack (1.5.2)
    rack-no-www (0.0.2)
    rack-pjax (0.7.0)
      nokogiri (~> 1.5)
      rack (~> 1.3)
    raindrops (0.12.0)
    rdiscount (2.1.7)
    rubypants (0.2.0)
    typogruby (1.0.16)
      rubypants
    unicorn (4.7.0)
      kgio (~> 2.6)
      rack
      raindrops (~> 0.7)

PLATFORMS
  ruby

DEPENDENCIES
  builder
  hpricot
  rack-no-www
  rack-pjax
  rdiscount (~> 2.1.7)
  toto (= 0.4.9)!
  typogruby
  unicorn
